GEM
  specs:
    gosu (0.8.3)

PLATFORMS
  ruby

DEPENDENCIES
  gosu
